GEM
  remote: https://rubygems.org/
  specs:
    tcl (0.0.1)
    tk (0.5.1)

PLATFORMS
  x64-mingw-ucrt

DEPENDENCIES
  tcl
  tk (~> 0.5.1)

BUNDLED WITH
   2.6.9
